GEM
  remote: https://rubygems.org/
  specs:
    filename (0.1.2)

PLATFORMS
  ruby

DEPENDENCIES
  filename
